GEM
  remote: http://rubygems.org/
  specs:
    actionpack (4.1.2)
      actionview (= 4.1.2)
      activesupport (= 4.1.2)
      rack (~> 1.5.2)
      rack-test (~> 0.6.2)
    actionview (4.1.2)
      activesupport (= 4.1.2)
      builder (~> 3.1)
      erubis (~> 2.7.0)
    activemodel (4.1.2)
      activesupport (= 4.1.2)
      builder (~> 3.1)
    activesupport (4.1.2)
      i18n (~> 0.6, >= 0.6.9)
      json (~> 1.7, >= 1.7.7)
      minitest (~> 5.1)
      thread_safe (~> 0.1)
      tzinfo (~> 1.1)
    billit_representers (0.9.10)
      activemodel
      roar (= 0.11.19)
      roar-rails (= 0.1.0)
    builder (3.2.2)
    byebug (3.1.2)
      columnize (~> 0.8)
      debugger-linecache (~> 1.2)
    columnize (0.8.9)
    debugger-linecache (1.2.0)
    erubis (2.7.0)
    hooks (0.4.0)
      uber (~> 0.0.4)
    httparty (0.12.0)
      json (~> 1.8)
      multi_xml (>= 0.5.2)
    i18n (0.6.9)
    json (1.8.1)
    libxml-ruby (2.7.0)
    mini_portile (0.5.2)
    minitest (5.3.5)
    multi_json (1.10.1)
    multi_xml (0.5.5)
    nokogiri (1.6.1)
      mini_portile (~> 0.5.0)
    rack (1.5.2)
    rack-test (0.6.2)
      rack (>= 1.0)
    railties (4.1.2)
      actionpack (= 4.1.2)
      activesupport (= 4.1.2)
      rake (>= 0.8.7)
      thor (>= 0.18.1, < 2.0)
    rake (10.3.2)
    representable (1.5.3)
      multi_json
      nokogiri
    roar (0.11.19)
      representable (~> 1.5.3)
    roar-rails (0.1.0)
      actionpack
      hooks
      railties (>= 3.0.0)
      representable (~> 1.4)
      roar (~> 0.11.13)
      test_xml (>= 0.1.6)
    test_xml (0.1.6)
      nokogiri (>= 1.3.2)
    thor (0.19.1)
    thread_safe (0.3.4)
    tzinfo (1.2.1)
      thread_safe (~> 0.1)
    uber (0.0.7)

PLATFORMS
  ruby

DEPENDENCIES
  billit_representers (= 0.9.10)
  byebug
  httparty
  libxml-ruby
  nokogiri
